PATH
  remote: .
  specs:
    docx_templater (0.2.4)
      htmlentities (~> 4.3.1)
      rubyzip (~> 1.1)

GEM
  remote: https://rubygems.org/
  specs:
    ataru (0.2.0)
      kramdown (~> 1.3)
      minitest (~> 5.0)
      thor (~> 0.19.0)
    diff-lcs (1.2.5)
    htmlentities (4.3.3)
    kramdown (1.5.0)
    minitest (5.5.1)
    rake (10.4.2)
    rspec (3.1.0)
      rspec-core (~> 3.1.0)
      rspec-expectations (~> 3.1.0)
      rspec-mocks (~> 3.1.0)
    rspec-core (3.1.7)
      rspec-support (~> 3.1.0)
    rspec-expectations (3.1.2)
      diff-lcs (>= 1.2.0, < 2.0)
      rspec-support (~> 3.1.0)
    rspec-mocks (3.1.3)
      rspec-support (~> 3.1.0)
    rspec-support (3.1.2)
    rubyzip (1.1.6)
    thor (0.19.1)

PLATFORMS
  ruby

DEPENDENCIES
  ataru (~> 0.1)
  docx_templater!
  rake (~> 10.1)
  rspec (~> 3.0)
